ObjectType = Image
NDims = 2
BinaryData = True
BinaryDataByteOrderMSB = False
CompressedData = False
TransformMatrix = 1 0 0 1
Offset = 0 0
CenterOfRotation = 0 0
ElementSpacing = 1 1
DimSize = 221 257
AnatomicalOrientation = ??
ElementType = MET_UCHAR
ElementDataFile = BrainProtonDensitySliceShifted13x17y.raw
