ObjectType = Image
NDims = 2
BinaryData = True
BinaryDataByteOrderMSB = False
CompressedData = True
CompressedDataSize = 16898
TransformMatrix = 0.8660254   -0.5   0.5   0.8660254
Offset = 0 0
CenterOfRotation = 0 0
ElementSpacing = 1 1
DimSize = 221 257
AnatomicalOrientation = ??
ElementType = MET_UCHAR
ElementDataFile = BrainProtonDensitySliceShifted13x17yDirectionPlus30.zraw
